GEM
  remote: http://rubygems.org/
  remote: https://gems.gemfury.com/vo6ZrmjBQu5szyywDszE/
  specs:
    builder (3.1.4)
    bunny (0.8.0)
    ci_reporter (1.8.4)
      builder (>= 2.1.2)
    datainsight_collector (0.0.6)
      bunny
      datainsight_logging
      gli (= 1.6.0)
    datainsight_logging (0.0.2)
      logging
    diff-lcs (1.1.3)
    fakeweb (1.3.0)
    gli (1.6.0)
    httparty (0.10.0)
      multi_json (~> 1.0)
      multi_xml
    little-plugger (1.1.3)
    logging (1.8.1)
      little-plugger (>= 1.1.3)
      multi_json (>= 1.3.6)
    multi_json (1.5.1)
    multi_xml (0.5.2)
    multipart-post (1.1.5)
    rake (10.0.3)
    rspec (2.12.0)
      rspec-core (~> 2.12.0)
      rspec-expectations (~> 2.12.0)
      rspec-mocks (~> 2.12.0)
    rspec-core (2.12.2)
    rspec-expectations (2.12.1)
      diff-lcs (~> 1.1.3)
    rspec-mocks (2.12.2)
    songkick-transport (0.1.6)
      multipart-post (>= 1.1.0)
      yajl-ruby (>= 1.1.0)
    timecop (0.5.9.2)
    yajl-ruby (1.1.0)

PLATFORMS
  ruby

DEPENDENCIES
  ci_reporter
  datainsight_collector (= 0.0.6)
  fakeweb
  httparty
  rake
  rspec
  songkick-transport
  timecop
